GEM
  remote: https://rubygems.org/
  specs:
    actionmailer (4.2.10)
      actionpack (= 4.2.10)
      actionview (= 4.2.10)
      activejob (= 4.2.10)
      mail (~> 2.5, >= 2.5.4)
      rails-dom-testing (~> 1.0, >= 1.0.5)
    actionpack (4.2.10)
      actionview (= 4.2.10)
      activesupport (= 4.2.10)
      rack (~> 1.6)
      rack-test (~> 0.6.2)
      rails-dom-testing (~> 1.0, >= 1.0.5)
      rails-html-sanitizer (~> 1.0, >= 1.0.2)
    actionview (4.2.10)
      activesupport (= 4.2.10)
      builder (~> 3.1)
      erubis (~> 2.7.0)
      rails-dom-testing (~> 1.0, >= 1.0.5)
      rails-html-sanitizer (~> 1.0, >= 1.0.3)
    activejob (4.2.10)
      activesupport (= 4.2.10)
      globalid (>= 0.3.0)
    activemodel (4.2.10)
      activesupport (= 4.2.10)
      builder (~> 3.1)
    activerecord (4.2.10)
      activemodel (= 4.2.10)
      activesupport (= 4.2.10)
      arel (~> 6.0)
    activesupport (4.2.10)
      i18n (~> 0.7)
      minitest (~> 5.1)
      thread_safe (~> 0.3, >= 0.3.4)
      tzinfo (~> 1.1)
    addressable (2.7.0)
      public_suffix (>= 2.0.2, < 5.0)
    arel (6.0.4)
    autoprefixer-rails (10.2.0.0)
      execjs
    binding_of_caller (1.0.0)
      debug_inspector (>= 0.0.1)
    bio (2.0.2)
    bootstrap-sass (3.4.1)
      autoprefixer-rails (>= 5.2.1)
      sassc (>= 2.0.0)
    bootstrap_form (2.7.0)
    builder (3.2.4)
    byebug (11.1.3)
    caxlsx (3.0.4)
      htmlentities (~> 4.3, >= 4.3.4)
      mimemagic (~> 0.3)
      nokogiri (~> 1.10, >= 1.10.4)
      rubyzip (>= 1.3.0, < 3)
    caxlsx_rails (0.6.2)
      actionpack (>= 3.1)
      caxlsx (>= 3.0)
    climate_control (0.2.0)
    cocaine (0.5.8)
      climate_control (>= 0.0.3, < 1.0)
    coderay (1.1.3)
    coffee-rails (4.1.1)
      coffee-script (>= 2.2.0)
      railties (>= 4.0.0, < 5.1.x)
    coffee-script (2.4.1)
      coffee-script-source
      execjs
    coffee-script-source (1.12.2)
    concurrent-ruby (1.1.7)
    crass (1.0.6)
    debug_inspector (1.0.0)
    descriptive_statistics (2.4.0)
    dotenv (2.7.6)
    dotenv-rails (2.7.6)
      dotenv (= 2.7.6)
      railties (>= 3.2)
    erubis (2.7.0)
    execjs (2.7.0)
    ffi (1.14.2)
    font-awesome-sass (4.7.0)
      sass (>= 3.2)
    geokit (1.13.1)
    geokit-rails (2.3.1)
      geokit (~> 1.5)
      rails (>= 3.0)
    globalid (0.4.2)
      activesupport (>= 4.2.0)
    htmlentities (4.3.4)
    i18n (0.9.5)
      concurrent-ruby (~> 1.0)
    jbuilder (2.9.1)
      activesupport (>= 4.2.0)
    jquery-rails (4.4.0)
      rails-dom-testing (>= 1, < 3)
      railties (>= 4.2.0)
      thor (>= 0.14, < 2.0)
    json (1.8.6)
    lograge (0.11.2)
      actionpack (>= 4)
      activesupport (>= 4)
      railties (>= 4)
      request_store (~> 1.0)
    loofah (2.8.0)
      crass (~> 1.0.2)
      nokogiri (>= 1.5.9)
    mail (2.7.1)
      mini_mime (>= 0.1.1)
    method_source (1.0.0)
    mime-types (3.3.1)
      mime-types-data (~> 3.2015)
    mime-types-data (3.2020.1104)
    mimemagic (0.3.0)
    mini_mime (1.0.2)
    mini_portile2 (2.5.0)
    minitest (5.14.3)
    mocha (1.12.0)
    nokogiri (1.11.1)
      mini_portile2 (~> 2.5.0)
      racc (~> 1.4)
    ood_appkit (1.1.5)
      addressable (~> 2.4)
      lograge (~> 0.3)
      ood_core (~> 0.1)
      rails (> 4.0.7, < 6.0)
      redcarpet (~> 3.2)
    ood_core (0.14.0)
      ffi (~> 1.9, >= 1.9.6)
      ood_support (~> 0.0.2)
    ood_support (0.0.3)
    paperclip (4.3.7)
      activemodel (>= 3.2.0)
      activesupport (>= 3.2.0)
      cocaine (~> 0.5.5)
      mime-types
      mimemagic (= 0.3.0)
    pry (0.13.1)
      coderay (~> 1.1)
      method_source (~> 1.0)
    public_suffix (4.0.6)
    racc (1.5.2)
    rack (1.6.13)
    rack-test (0.6.3)
      rack (>= 1.0)
    rails (4.2.10)
      actionmailer (= 4.2.10)
      actionpack (= 4.2.10)
      actionview (= 4.2.10)
      activejob (= 4.2.10)
      activemodel (= 4.2.10)
      activerecord (= 4.2.10)
      activesupport (= 4.2.10)
      bundler (>= 1.3.0, < 2.0)
      railties (= 4.2.10)
      sprockets-rails
    rails-deprecated_sanitizer (1.0.3)
      activesupport (>= 4.2.0.alpha)
    rails-dom-testing (1.0.9)
      activesupport (>= 4.2.0, < 5.0)
      nokogiri (~> 1.6)
      rails-deprecated_sanitizer (>= 1.0.1)
    rails-html-sanitizer (1.3.0)
      loofah (~> 2.3)
    rails_12factor (0.0.3)
      rails_serve_static_assets
      rails_stdout_logging
    rails_serve_static_assets (0.0.5)
    rails_stdout_logging (0.0.5)
    railties (4.2.10)
      actionpack (= 4.2.10)
      activesupport (= 4.2.10)
      rake (>= 0.8.7)
      thor (>= 0.18.1, < 2.0)
    rake (13.0.3)
    rb-fsevent (0.10.4)
    rb-inotify (0.10.1)
      ffi (~> 1.0)
    rdoc (4.3.0)
    redcarpet (3.5.1)
    request_store (1.5.0)
      rack (>= 1.4)
    rubyzip (2.3.0)
    sass (3.7.4)
      sass-listen (~> 4.0.0)
    sass-listen (4.0.0)
      rb-fsevent (~> 0.9, >= 0.9.4)
      rb-inotify (~> 0.9, >= 0.9.7)
    sass-rails (5.0.7)
      railties (>= 4.0.0, < 6)
      sass (~> 3.1)
      sprockets (>= 2.8, < 4.0)
      sprockets-rails (>= 2.0, < 4.0)
      tilt (>= 1.1, < 3)
    sassc (2.4.0)
      ffi (~> 1.9)
    sdoc (0.4.2)
      json (~> 1.7, >= 1.7.7)
      rdoc (~> 4.0)
    sprockets (3.7.2)
      concurrent-ruby (~> 1.0)
      rack (> 1, < 3)
    sprockets-rails (3.2.2)
      actionpack (>= 4.0)
      activesupport (>= 4.0)
      sprockets (>= 3.0.0)
    sqlite3 (1.3.13)
    thor (1.0.1)
    thread_safe (0.3.6)
    tilt (2.0.10)
    tzinfo (1.2.9)
      thread_safe (~> 0.1)
    uglifier (4.2.0)
      execjs (>= 0.3.0, < 3)
    web-console (2.3.0)
      activemodel (>= 4.0)
      binding_of_caller (>= 0.7.2)
      railties (>= 4.0)
      sprockets-rails (>= 2.0, < 4.0)
    zip_tricks (5.5.0)

PLATFORMS
  ruby

DEPENDENCIES
  autoprefixer-rails
  bio
  bootstrap-sass (~> 3.3)
  bootstrap_form (~> 2.5)
  byebug
  caxlsx
  caxlsx_rails
  coffee-rails (~> 4.1.0)
  descriptive_statistics (~> 2.4.0)
  dotenv-rails (~> 2.1)
  font-awesome-sass (~> 4.6)
  geokit-rails
  jbuilder (~> 2.0)
  jquery-rails
  mocha
  ood_appkit (~> 1.0)
  ood_support (~> 0.0.2)
  paperclip (~> 4.3)
  pry
  rails (= 4.2.10)
  rails_12factor
  sass-rails (~> 5.0)
  sdoc (~> 0.4.0)
  sqlite3 (~> 1.3, < 1.4)
  uglifier (>= 1.3.0)
  web-console (~> 2.0)
  zip_tricks (~> 5.3, >= 5.3.1)

BUNDLED WITH
   1.17.3
